PATH
  remote: ../judoscale-ruby
  specs:
    judoscale-ruby (1.3.0)

PATH
  remote: .
  specs:
    judoscale-resque (1.3.0)
      judoscale-ruby (= 1.3.0)
      resque (>= 2.0)

GEM
  remote: https://rubygems.org/
  specs:
    debug (1.7.1)
      irb (>= 1.5.0)
      reline (>= 0.3.1)
    io-console (0.6.0)
    irb (1.6.2)
      reline (>= 0.3.0)
    minitest (5.17.0)
    mono_logger (1.1.2)
    multi_json (1.15.0)
    mustermann (3.0.0)
      ruby2_keywords (~> 0.0.1)
    rack (2.2.8)
    rack-protection (3.1.0)
      rack (~> 2.2, >= 2.2.4)
    rake (13.0.6)
    rake-release (1.3.0)
      bundler (>= 1.11, < 3)
    redis (4.8.0)
    redis-namespace (1.11.0)
      redis (>= 4)
    reline (0.3.2)
      io-console (~> 0.5)
    resque (2.6.0)
      mono_logger (~> 1.0)
      multi_json (~> 1.0)
      redis-namespace (~> 1.6)
      sinatra (>= 0.9.2)
    ruby2_keywords (0.0.5)
    sinatra (3.1.0)
      mustermann (~> 3.0)
      rack (~> 2.2, >= 2.2.4)
      rack-protection (= 3.1.0)
      tilt (~> 2.0)
    tilt (2.3.0)

PLATFORMS
  arm64-darwin-20
  arm64-darwin-21
  x86_64-darwin-21
  x86_64-linux

DEPENDENCIES
  debug
  judoscale-resque!
  judoscale-ruby!
  minitest
  rake
  rake-release
  redis (~> 4.0)
  resque (~> 2.6.0)

BUNDLED WITH
   2.3.9
